GEM
  remote: http://rubygems.org/
  specs:
    autotest-standalone (4.5.5)
    diff-lcs (1.1.2)
    json (1.5.1)
    mime-types (1.16)
    rack (1.3.0)
    rake (0.8.7)
    rest-client (1.6.3)
      mime-types (>= 1.16)
    rspec (2.6.0)
      rspec-core (~> 2.6.0)
      rspec-expectations (~> 2.6.0)
      rspec-mocks (~> 2.6.0)
    rspec-core (2.6.3)
    rspec-expectations (2.6.0)
      diff-lcs (~> 1.1.2)
    rspec-mocks (2.6.0)
    sham_rack (1.3.3)
      rack

PLATFORMS
  ruby

DEPENDENCIES
  autotest-standalone
  json
  rake (= 0.8.7)
  rest-client
  rspec (~> 2.6.0)
  sham_rack
